GIT
  remote: https://github.com/gitlabhq/grit.git
  revision: 42297cdcee16284d2e4eff23d41377f52fc28b9d
  ref: 42297cdcee16284d2e4eff23d41377f52fc28b9d
  specs:
    grit (2.5.0)
      diff-lcs (~> 1.1)
      mime-types (~> 1.15)
      posix-spawn (~> 0.3.6)

PATH
  remote: .
  specs:
    zitgit (0.0.1)
      compass
      sinatra
      slim

GEM
  remote: https://rubygems.org/
  specs:
    chunky_png (1.2.8)
    coderay (1.0.9)
    compass (0.12.2)
      chunky_png (~> 1.2)
      fssm (>= 0.2.7)
      sass (~> 3.1)
    diff-lcs (1.2.3)
    fssm (0.2.10)
    method_source (0.8.1)
    mime-types (1.22)
    posix-spawn (0.3.6)
    pry (0.9.12)
      coderay (~> 1.0.5)
      method_source (~> 0.8)
      slop (~> 3.4)
    rack (1.5.2)
    rack-protection (1.5.0)
      rack
    rake (10.0.4)
    rb-readline (0.4.2)
    sass (3.2.7)
    sinatra (1.4.2)
      rack (~> 1.5, >= 1.5.2)
      rack-protection (~> 1.4)
      tilt (~> 1.3, >= 1.3.4)
    slim (1.3.6)
      temple (~> 0.5.5)
      tilt (~> 1.3.3)
    slop (3.4.4)
    temple (0.5.5)
    tilt (1.3.6)

PLATFORMS
  ruby

DEPENDENCIES
  bundler (~> 1.3)
  grit (~> 2.5.0)!
  pry
  rake
  rb-readline
  zitgit!
